NUGET
  remote: https://www.nuget.org/api/v2
  specs:
    NUnitTestAdapter.WithFramework (2.0)
