NUGET
  remote: https://www.nuget.org/api/v2
  specs:
    FSharp.Configuration (0.6.1)
    FsYaml (2.1)
      FSharp.Configuration (>= 0.4.10)
      YamlDotNet (>= 3.8)
    Persimmon (1.1)
    Persimmon.Console (1.1)
    YamlDotNet (3.9)
GITHUB
  remote: fsprojects/Chessie
  specs:
    src/Chessie/ErrorHandling.fs (e5d82ce2c5a88be3762fbcfbe6a58102b02eb8a6)